GIT
  remote: https://github.com/ideacrew/aca_entities.git
  revision: 11a86c60092ba59f512cf117dc330614e66f8815
  branch: trunk
  specs:
    aca_entities (0.10.0)
      deep_merge
      dry-monads (~> 1.2)
      dry-struct (~> 1.0)
      dry-transformer (~> 0.1.1)
      dry-types (~> 1.0)
      dry-validation (~> 1.2)
      iso_country_codes
      json-schema
      nokogiri-happymapper
      oj (~> 3.11)
      rbnacl (~> 7.1)

GIT
  remote: https://github.com/ideacrew/event_source.git
  revision: ed23a949f6900cf2a756d4cee3889a3aa100716f
  branch: trunk
  specs:
    event_source (0.5.8)
      addressable (>= 2.8.0)
      bunny (>= 2.14)
      deep_merge (~> 1.2.0)
      dry-configurable (~> 0.12)
      dry-events (~> 0.3)
      dry-inflector (~> 0.2)
      dry-initializer (~> 3.0)
      dry-monads (~> 1.3)
      dry-schema (~> 1.6)
      dry-struct (~> 1.4)
      dry-types (~> 1.5)
      dry-validation (~> 1.6)
      faraday (~> 1.4.1)
      faraday_middleware (~> 1.0)
      logging (~> 2.3.0)
      mime-types
      nokogiri (>= 1.13.0)
      oj (~> 3.11)
      ox (~> 2.14)
      typhoeus (~> 1.4.0)

PATH
  remote: .
  specs:
    mitc_service (0.1.0)
      dry-events (~> 0.3)
      dry-initializer (~> 3.0)
      dry-monads (~> 1.3)
      dry-schema (~> 1.5)
      dry-struct (~> 1.4)
      dry-transaction (~> 0.13)
      dry-types (~> 1.5)
      dry-validation (~> 1.6)
      httparty (~> 0.16)
      mime-types
      mongoid (~> 8.1)
      rails (~> 7.0.8.4)

GEM
  remote: https://rubygems.org/
  specs:
    actioncable (7.0.8.4)
      actionpack (= 7.0.8.4)
      activesupport (= 7.0.8.4)
      nio4r (~> 2.0)
      websocket-driver (>= 0.6.1)
    actionmailbox (7.0.8.4)
      actionpack (= 7.0.8.4)
      activejob (= 7.0.8.4)
      activerecord (= 7.0.8.4)
      activestorage (= 7.0.8.4)
      activesupport (= 7.0.8.4)
      mail (>= 2.7.1)
      net-imap
      net-pop
      net-smtp
    actionmailer (7.0.8.4)
      actionpack (= 7.0.8.4)
      actionview (= 7.0.8.4)
      activejob (= 7.0.8.4)
      activesupport (= 7.0.8.4)
      mail (~> 2.5, >= 2.5.4)
      net-imap
      net-pop
      net-smtp
      rails-dom-testing (~> 2.0)
    actionpack (7.0.8.4)
      actionview (= 7.0.8.4)
      activesupport (= 7.0.8.4)
      rack (~> 2.0, >= 2.2.4)
      rack-test (>= 0.6.3)
      rails-dom-testing (~> 2.0)
      rails-html-sanitizer (~> 1.0, >= 1.2.0)
    actiontext (7.0.8.4)
      actionpack (= 7.0.8.4)
      activerecord (= 7.0.8.4)
      activestorage (= 7.0.8.4)
      activesupport (= 7.0.8.4)
      globalid (>= 0.6.0)
      nokogiri (>= 1.8.5)
    actionview (7.0.8.4)
      activesupport (= 7.0.8.4)
      builder (~> 3.1)
      erubi (~> 1.4)
      rails-dom-testing (~> 2.0)
      rails-html-sanitizer (~> 1.1, >= 1.2.0)
    activejob (7.0.8.4)
      activesupport (= 7.0.8.4)
      globalid (>= 0.3.6)
    activemodel (7.0.8.4)
      activesupport (= 7.0.8.4)
    activerecord (7.0.8.4)
      activemodel (= 7.0.8.4)
      activesupport (= 7.0.8.4)
    activestorage (7.0.8.4)
      actionpack (= 7.0.8.4)
      activejob (= 7.0.8.4)
      activerecord (= 7.0.8.4)
      activesupport (= 7.0.8.4)
      marcel (~> 1.0)
      mini_mime (>= 1.1.0)
    activesupport (7.0.8.4)
      concurrent-ruby (~> 1.0, >= 1.0.2)
      i18n (>= 1.6, < 2)
      minitest (>= 5.1)
      tzinfo (~> 2.0)
    addressable (2.8.7)
      public_suffix (>= 2.0.2, < 7.0)
    amq-protocol (2.3.2)
    ast (2.4.2)
    bigdecimal (3.1.8)
    bson (5.0.0)
    builder (3.3.0)
    bunny (2.23.0)
      amq-protocol (~> 2.3, >= 2.3.1)
      sorted_set (~> 1, >= 1.0.2)
    byebug (11.1.3)
    coderay (1.1.3)
    concurrent-ruby (1.3.3)
    crass (1.0.6)
    csv (3.3.0)
    database_cleaner (2.0.2)
      database_cleaner-active_record (>= 2, < 3)
    database_cleaner-active_record (2.1.0)
      activerecord (>= 5.a)
      database_cleaner-core (~> 2.0.0)
    database_cleaner-core (2.0.1)
    date (3.3.4)
    deep_merge (1.2.2)
    diff-lcs (1.5.1)
    dry-configurable (0.16.1)
      dry-core (~> 0.6)
      zeitwerk (~> 2.6)
    dry-container (0.11.0)
      concurrent-ruby (~> 1.0)
    dry-core (0.9.1)
      concurrent-ruby (~> 1.0)
      zeitwerk (~> 2.6)
    dry-events (0.4.0)
      concurrent-ruby (~> 1.0)
      dry-core (~> 0.9, >= 0.9)
    dry-inflector (0.3.0)
    dry-initializer (3.1.1)
    dry-logic (1.3.0)
      concurrent-ruby (~> 1.0)
      dry-core (~> 0.9, >= 0.9)
      zeitwerk (~> 2.6)
    dry-matcher (0.9.0)
      dry-core (~> 0.4, >= 0.4.8)
    dry-monads (1.5.0)
      concurrent-ruby (~> 1.0)
      dry-core (~> 0.9, >= 0.9)
      zeitwerk (~> 2.6)
    dry-schema (1.11.3)
      concurrent-ruby (~> 1.0)
      dry-configurable (~> 0.16, >= 0.16)
      dry-core (~> 0.9, >= 0.9)
      dry-initializer (~> 3.0)
      dry-logic (~> 1.3)
      dry-types (~> 1.6)
      zeitwerk (~> 2.6)
    dry-struct (1.5.2)
      dry-core (~> 0.9, >= 0.9)
      dry-types (~> 1.6)
      ice_nine (~> 0.11)
      zeitwerk (~> 2.6)
    dry-transaction (0.14.0)
      dry-container (>= 0.2.8)
      dry-events (>= 0.4.0)
      dry-matcher (>= 0.7.0)
      dry-monads (>= 0.5.0)
    dry-transformer (0.1.1)
    dry-types (1.6.1)
      concurrent-ruby (~> 1.0)
      dry-container (~> 0.3)
      dry-core (~> 0.9, >= 0.9)
      dry-inflector (~> 0.1, >= 0.1.2)
      dry-logic (~> 1.3, >= 1.3)
      zeitwerk (~> 2.6)
    dry-validation (1.9.0)
      concurrent-ruby (~> 1.0)
      dry-container (~> 0.7, >= 0.7.1)
      dry-core (~> 0.9, >= 0.9)
      dry-initializer (~> 3.0)
      dry-schema (~> 1.11, >= 1.11.0)
      zeitwerk (~> 2.6)
    erubi (1.13.0)
    ethon (0.16.0)
      ffi (>= 1.15.0)
    factory_bot (6.4.6)
      activesupport (>= 5.0.0)
    factory_bot_rails (6.4.3)
      factory_bot (~> 6.4)
      railties (>= 5.0.0)
    faraday (1.4.3)
      faraday-em_http (~> 1.0)
      faraday-em_synchrony (~> 1.0)
      faraday-excon (~> 1.1)
      faraday-net_http (~> 1.0)
      faraday-net_http_persistent (~> 1.1)
      multipart-post (>= 1.2, < 3)
      ruby2_keywords (>= 0.0.4)
    faraday-em_http (1.0.0)
    faraday-em_synchrony (1.0.0)
    faraday-excon (1.1.0)
    faraday-net_http (1.0.1)
    faraday-net_http_persistent (1.2.0)
    faraday_middleware (1.2.0)
      faraday (~> 1.0)
    ffi (1.17.0-arm64-darwin)
    globalid (1.2.1)
      activesupport (>= 6.1)
    httparty (0.22.0)
      csv
      mini_mime (>= 1.0.0)
      multi_xml (>= 0.5.2)
    i18n (1.14.5)
      concurrent-ruby (~> 1.0)
    ice_nine (0.11.2)
    iso_country_codes (0.7.8)
    json-schema (4.3.0)
      addressable (>= 2.8)
    little-plugger (1.1.4)
    logging (2.3.1)
      little-plugger (~> 1.1)
      multi_json (~> 1.14)
    loofah (2.22.0)
      crass (~> 1.0.2)
      nokogiri (>= 1.12.0)
    mail (2.8.1)
      mini_mime (>= 0.1.1)
      net-imap
      net-pop
      net-smtp
    marcel (1.0.4)
    method_source (1.1.0)
    mime-types (3.5.2)
      mime-types-data (~> 3.2015)
    mime-types-data (3.2024.0702)
    mini_mime (1.1.5)
    minitest (5.24.1)
    mongo (2.20.1)
      bson (>= 4.14.1, < 6.0.0)
    mongoid (8.1.5)
      activemodel (>= 5.1, < 7.2, != 7.0.0)
      concurrent-ruby (>= 1.0.5, < 2.0)
      mongo (>= 2.18.0, < 3.0.0)
      ruby2_keywords (~> 0.0.5)
    multi_json (1.15.0)
    multi_xml (0.6.0)
    multipart-post (2.4.1)
    net-imap (0.4.14)
      date
      net-protocol
    net-pop (0.1.2)
      net-protocol
    net-protocol (0.2.2)
      timeout
    net-smtp (0.5.0)
      net-protocol
    nio4r (2.7.3)
    nokogiri (1.16.6-arm64-darwin)
      racc (~> 1.4)
    nokogiri-happymapper (0.10.0)
      nokogiri (~> 1.5)
    oj (3.16.4)
      bigdecimal (>= 3.0)
    ox (2.14.18)
    parallel (1.25.1)
    parser (3.3.3.0)
      ast (~> 2.4.1)
      racc
    pry (0.14.2)
      coderay (~> 1.1)
      method_source (~> 1.0)
    pry-byebug (3.10.1)
      byebug (~> 11.0)
      pry (>= 0.13, < 0.15)
    public_suffix (6.0.0)
    racc (1.8.0)
    rack (2.2.9)
    rack-test (2.1.0)
      rack (>= 1.3)
    rails (7.0.8.4)
      actioncable (= 7.0.8.4)
      actionmailbox (= 7.0.8.4)
      actionmailer (= 7.0.8.4)
      actionpack (= 7.0.8.4)
      actiontext (= 7.0.8.4)
      actionview (= 7.0.8.4)
      activejob (= 7.0.8.4)
      activemodel (= 7.0.8.4)
      activerecord (= 7.0.8.4)
      activestorage (= 7.0.8.4)
      activesupport (= 7.0.8.4)
      bundler (>= 1.15.0)
      railties (= 7.0.8.4)
    rails-dom-testing (2.2.0)
      activesupport (>= 5.0.0)
      minitest
      nokogiri (>= 1.6)
    rails-html-sanitizer (1.6.0)
      loofah (~> 2.21)
      nokogiri (~> 1.14)
    railties (7.0.8.4)
      actionpack (= 7.0.8.4)
      activesupport (= 7.0.8.4)
      method_source
      rake (>= 12.2)
      thor (~> 1.0)
      zeitwerk (~> 2.5)
    rainbow (3.1.1)
    rake (13.2.1)
    rbnacl (7.1.1)
      ffi
    rbtree (0.4.6)
    regexp_parser (2.9.2)
    rexml (3.3.1)
      strscan
    rspec-core (3.13.0)
      rspec-support (~> 3.13.0)
    rspec-expectations (3.13.1)
      diff-lcs (>= 1.2.0, < 2.0)
      rspec-support (~> 3.13.0)
    rspec-mocks (3.13.1)
      diff-lcs (>= 1.2.0, < 2.0)
      rspec-support (~> 3.13.0)
    rspec-rails (6.1.3)
      actionpack (>= 6.1)
      activesupport (>= 6.1)
      railties (>= 6.1)
      rspec-core (~> 3.13)
      rspec-expectations (~> 3.13)
      rspec-mocks (~> 3.13)
      rspec-support (~> 3.13)
    rspec-support (3.13.1)
    rubocop (1.13.0)
      parallel (~> 1.10)
      parser (>= 3.0.0.0)
      rainbow (>= 2.2.2, < 4.0)
      regexp_parser (>= 1.8, < 3.0)
      rexml
      rubocop-ast (>= 1.2.0, < 2.0)
      ruby-progressbar (~> 1.7)
      unicode-display_width (>= 1.4.0, < 3.0)
    rubocop-ast (1.31.3)
      parser (>= 3.3.1.0)
    ruby-progressbar (1.13.0)
    ruby2_keywords (0.0.5)
    set (1.1.0)
    sorted_set (1.0.3)
      rbtree
      set (~> 1.0)
    strscan (3.1.0)
    thor (1.3.1)
    timeout (0.4.1)
    typhoeus (1.4.1)
      ethon (>= 0.9.0)
    tzinfo (2.0.6)
      concurrent-ruby (~> 1.0)
    unicode-display_width (2.5.0)
    websocket-driver (0.7.6)
      websocket-extensions (>= 0.1.0)
    websocket-extensions (0.1.5)
    yard (0.9.36)
    zeitwerk (2.6.16)

PLATFORMS
  arm64-darwin-23

DEPENDENCIES
  aca_entities!
  database_cleaner
  event_source!
  factory_bot_rails
  mitc_service!
  pry
  pry-byebug
  rspec-rails
  rubocop (= 1.13.0)
  yard

BUNDLED WITH
   2.3.16
